GEM
  remote: http://rubygems.org/
  specs:
    awesome_print (1.8.0)
    chronic (0.10.2)
    concurrent-ruby (1.0.5)
    i18n (1.0.1)
      concurrent-ruby (~> 1.0)
    looksee (4.0.0)
    rake (12.3.1)
    whenever (0.10.0)
      chronic (>= 0.6.3)

PLATFORMS
  ruby

DEPENDENCIES
  awesome_print
  i18n
  looksee
  rake
  whenever

BUNDLED WITH
   1.16.0.pre.2
