GIT
  remote: https://github.com/peteryates/flyrb.git
  revision: 1364ab314444c4ef5362e426c8ede8d6361ac7c9
  specs:
    flyrb (1.0.0.c)
      Platform (>= 0.4.0)
      activesupport
      aws-s3 (>= 0.4.0)
      wirble (>= 0.1.3)

GEM
  remote: http://rubygems.org/
  remote: http://rubygems.org/
  specs:
    Platform (0.4.0)
    activesupport (3.1.3)
      multi_json (~> 1.0)
    awesome_print (1.0.2)
    aws-s3 (0.6.2)
      builder
      mime-types
      xml-simple
    builder (3.0.0)
    chronic (0.6.6)
    looksee (1.0.3)
    mime-types (1.17.2)
    multi_json (1.0.4)
    rake (0.9.2.2)
    whenever (0.7.0)
      activesupport (>= 2.3.4)
      chronic (~> 0.6.3)
    wirble (0.1.3)
    xml-simple (1.1.1)

PLATFORMS
  ruby

DEPENDENCIES
  awesome_print
  flyrb!
  looksee
  rake
  whenever
